GEM
  remote: https://rubygems.org/
  specs:
    childprocess (0.7.1)
      ffi (~> 1.0, >= 1.0.11)
    data_magic (1.1)
      faker (>= 1.1.2)
      yml_reader (>= 0.6)
    diff-lcs (1.3)
    faker (1.8.4)
      i18n (~> 0.5)
    ffi (1.9.18-x64-mingw32)
    i18n (0.8.6)
    page_navigation (0.10)
      data_magic (>= 0.22)
    page_object (1.1.3)
      page_navigation (>= 0.9)
      selenium-webdriver (>= 2.44.0)
      watir-webdriver (>= 0.6.11)
    rspec (3.6.0)
      rspec-core (~> 3.6.0)
      rspec-expectations (~> 3.6.0)
      rspec-mocks (~> 3.6.0)
    rspec-core (3.6.0)
      rspec-support (~> 3.6.0)
    rspec-expectations (3.6.0)
      diff-lcs (>= 1.2.0, < 2.0)
      rspec-support (~> 3.6.0)
    rspec-mocks (3.6.0)
      diff-lcs (>= 1.2.0, < 2.0)
      rspec-support (~> 3.6.0)
    rspec-support (3.6.0)
    rubyzip (1.2.1)
    selenium-webdriver (3.5.1)
      childprocess (~> 0.5)
      rubyzip (~> 1.0)
    watir (6.7.3)
      selenium-webdriver (~> 3.4, >= 3.4.1)
    watir-webdriver (0.9.9)
      selenium-webdriver (>= 2.46.2)
    yml_reader (0.7)

PLATFORMS
  x64-mingw32

DEPENDENCIES
  page_object
  rspec (~> 3.0)
  watir

BUNDLED WITH
   1.15.4
